GEM
  remote: http://rubygems.org/
  specs:
    cri (2.1.0)
    diff-lcs (1.2.5)
    faster_xml_simple (0.5.0)
      libxml-ruby (>= 0.3.8.4)
    gosu (0.7.50)
    httpclient (2.3.4.1)
    json (1.8.1)
    libxml-ruby (2.7.0)
    mini_portile (0.5.2)
    net-github-upload (0.0.8)
      faster_xml_simple
      httpclient
      json
      nokogiri (>= 1.4.0)
    nokogiri (1.6.0)
      mini_portile (~> 0.5.0)
    ocra (1.3.1)
    rake (0.9.2.2)
    releasy (0.2.2)
      cri (~> 2.1.0)
      net-github-upload (~> 0.0.8)
      ocra (~> 1.3.0)
      rake (~> 0.9.2.2)
      thor (~> 0.14.6)
    rspec (2.14.1)
      rspec-core (~> 2.14.0)
      rspec-expectations (~> 2.14.0)
      rspec-mocks (~> 2.14.0)
    rspec-core (2.14.7)
    rspec-expectations (2.14.4)
      diff-lcs (>= 1.1.3, < 2.0)
    rspec-mocks (2.14.4)
    thor (0.14.6)

PLATFORMS
  ruby

DEPENDENCIES
  gosu
  releasy
  rspec
